GEM
  remote: https://rubygems.org/
  remote: https://gems.biola.edu/
  specs:
    activesupport (4.2.0)
      i18n (~> 0.7)
      json (~> 1.7, >= 1.7.7)
      minitest (~> 5.1)
      thread_safe (~> 0.3, >= 0.3.4)
      tzinfo (~> 1.1)
    binding_of_caller (0.7.2)
      debug_inspector (>= 0.0.1)
    biola_web_services (1.1.2)
    celluloid (0.17.1.2)
      bundler
      celluloid-essentials
      celluloid-extras
      celluloid-fsm
      celluloid-pool
      celluloid-supervision
      dotenv
      nenv
      rspec-logsplit (>= 0.1.2)
      timers (>= 4.1.1)
    celluloid-essentials (0.20.2.1)
      bundler
      dotenv
      nenv
      rspec-logsplit (>= 0.1.2)
      timers (>= 4.1.1)
    celluloid-extras (0.20.1)
      bundler
      dotenv
      nenv
      rspec-logsplit (>= 0.1.2)
      timers (>= 4.1.1)
    celluloid-fsm (0.20.1)
      bundler
      dotenv
      nenv
      rspec-logsplit (>= 0.1.2)
      timers (>= 4.1.1)
    celluloid-pool (0.20.1)
      bundler
      dotenv
      nenv
      rspec-logsplit (>= 0.1.2)
      timers (>= 4.1.1)
    celluloid-supervision (0.20.1.1)
      bundler
      dotenv
      nenv
      rspec-logsplit (>= 0.1.2)
      timers (>= 4.1.1)
    coderay (1.1.0)
    connection_pool (2.2.0)
    debug_inspector (0.0.2)
    diff-lcs (1.2.5)
    dotenv (2.0.2)
    faraday (0.9.1)
      multipart-post (>= 1.2, < 3)
    hitimes (1.2.3)
    i18n (0.7.0)
    interception (0.5)
    json (1.8.3)
    mail (2.6.3)
      mime-types (>= 1.16, < 3)
    method_source (0.8.2)
    mime-types (1.25.1)
    minitest (5.5.1)
    multipart-post (2.0.0)
    nenv (0.2.0)
    net-scp (1.2.1)
      net-ssh (>= 2.6.5)
    net-ssh (2.9.2)
    pry (0.10.1)
      coderay (~> 1.1.0)
      method_source (~> 0.8.1)
      slop (~> 3.4)
    pry-rescue (1.4.1)
      interception (>= 0.5)
      pry
    pry-stack_explorer (0.4.9.1)
      binding_of_caller (>= 0.7)
      pry (>= 0.9.11)
    rails_config (0.5.0.beta1)
      activesupport (>= 3.0)
    redis (3.2.1)
    redis-namespace (1.5.2)
      redis (~> 3.0, >= 3.0.4)
    rspec (3.1.0)
      rspec-core (~> 3.1.0)
      rspec-expectations (~> 3.1.0)
      rspec-mocks (~> 3.1.0)
    rspec-core (3.1.7)
      rspec-support (~> 3.1.0)
    rspec-expectations (3.1.2)
      diff-lcs (>= 1.2.0, < 2.0)
      rspec-support (~> 3.1.0)
    rspec-logsplit (0.1.3)
    rspec-mocks (3.1.3)
      rspec-support (~> 3.1.0)
    rspec-support (3.1.2)
    ruby-oci8 (2.1.7)
    rufus-scheduler (3.1.5)
    sentry-raven (0.12.3)
      faraday (>= 0.7.6)
    sidekiq (3.5.0)
      celluloid (~> 0.17.0)
      connection_pool (~> 2.2, >= 2.2.0)
      json (~> 1.0)
      redis (~> 3.2, >= 3.2.1)
      redis-namespace (~> 1.5, >= 1.5.2)
    sidekiq-cron (0.3.1)
      rufus-scheduler (>= 2.0.24)
      sidekiq (>= 2.17.3)
    slop (3.6.0)
    thread_safe (0.3.4)
    timers (4.1.1)
      hitimes
    tzinfo (1.2.2)
      thread_safe (~> 0.1)

PLATFORMS
  ruby

DEPENDENCIES
  activesupport
  biola_web_services
  mail
  net-scp
  pry
  pry-rescue
  pry-stack_explorer
  rails_config (= 0.5.0.beta1)
  rspec
  ruby-oci8
  sentry-raven
  sidekiq
  sidekiq-cron

BUNDLED WITH
   1.10.6
